NUGET
  remote: http://nuget.org/api/v2
  specs:
    FAKE (3.35.5)
    FsCheck (2.0.3)
      FSharp.Core (>= 3.1.2.1)
    FSharp.Charting (0.90.12)
    FSharp.Compiler.Service (1.3.1.0)
    FSharp.Core (3.1.2.1)
    FSharp.Formatting (2.9.10)
      FSharp.Compiler.Service (>= 0.0.87)
      FSharpVSPowerTools.Core (1.8.0)
    FSharpVSPowerTools.Core (1.8.0)
      FSharp.Compiler.Service (>= 0.0.87)
    Microsoft.Bcl (1.1.10)
      Microsoft.Bcl.Build (>= 1.0.14)
    Microsoft.Bcl.Build (1.0.21)
    Microsoft.Net.Http (2.2.29)
      Microsoft.Bcl (>= 1.1.10)
      Microsoft.Bcl.Build (>= 1.0.14)
    Nancy (1.2.0)
    Nancy.Hosting.Self (1.2.0)
      Nancy (>= 1.2.0)
    NuGet.CommandLine (2.8.5)
    NUnit (2.6.4)
    NUnit.Runners (2.6.4)
    Octokit (0.13.0)
      Microsoft.Net.Http
    SourceLink.Fake (1.0.0)
    Zlib.Portable (1.11.0)
GITHUB
  remote: fsharp/FAKE
  specs:
    modules/Octokit/Octokit.fsx (e473252a0711dfa765f7ba8819446c86f07c68c3)
      Octokit
  remote: fsprojects/FSharp.TypeProviders.StarterPack
  specs:
    src/DebugProvidedTypes.fs (c098da43ef99c9f15f7ed7ec4726dace9b95ad06)
    src/ProvidedTypes.fs (c098da43ef99c9f15f7ed7ec4726dace9b95ad06)
    src/ProvidedTypes.fsi (c098da43ef99c9f15f7ed7ec4726dace9b95ad06)